GIT
  remote: https://github.com/chrisb/yard-sinatra
  revision: 226e048f615bdf068e65010d47f8cb143fd08865
  specs:
    yard-sinatra (2.0.0.beta)
      activesupport
      yard (~> 0.7)

GEM
  remote: https://rubygems.org/
  specs:
    activesupport (8.0.2)
      base64
      benchmark (>= 0.3)
      bigdecimal
      concurrent-ruby (~> 1.0, >= 1.3.1)
      connection_pool (>= 2.2.5)
      drb
      i18n (>= 1.6, < 2)
      logger (>= 1.4.2)
      minitest (>= 5.1)
      securerandom (>= 0.3)
      tzinfo (~> 2.0, >= 2.0.5)
      uri (>= 0.13.1)
    base64 (0.2.0)
    benchmark (0.4.0)
    bigdecimal (3.1.9)
    concurrent-ruby (1.3.5)
    connection_pool (2.5.0)
    drb (2.2.1)
    i18n (1.14.7)
      concurrent-ruby (~> 1.0)
    logger (1.7.0)
    minitest (5.25.5)
    securerandom (0.4.1)
    tzinfo (2.0.6)
      concurrent-ruby (~> 1.0)
    uri (1.0.3)
    yard (0.9.37)

PLATFORMS
  x64-mingw-ucrt

DEPENDENCIES
  yard
  yard-sinatra!

BUNDLED WITH
   2.6.7
